PATH
  remote: .
  specs:
    s3_event_miner (0.1)
      aws-sdk
      elastic-mapreduce
      elasticity

GEM
  remote: https://rubygems.org/
  specs:
    aws-sdk (1.6.7)
      httparty (~> 0.7)
      json (~> 1.4)
      nokogiri (>= 1.4.4)
      uuidtools (~> 2.1)
    builder (3.1.3)
    coderay (1.0.7)
    elastic-mapreduce (2011.11.23)
    elasticity (2.5)
      fog
      nokogiri
      rest-client
    excon (0.16.4)
    fog (1.6.0)
      builder
      excon (~> 0.14)
      formatador (~> 0.2.0)
      mime-types
      multi_json (~> 1.0)
      net-scp (~> 1.0.4)
      net-ssh (>= 2.1.3)
      nokogiri (~> 1.5.0)
      ruby-hmac
    formatador (0.2.3)
    httparty (0.9.0)
      multi_json (~> 1.0)
      multi_xml
    jruby-pageant (1.1.1)
    json (1.7.5)
    method_source (0.8)
    mime-types (1.19)
    multi_json (1.3.6)
    multi_xml (0.5.1)
    net-scp (1.0.4)
      net-ssh (>= 1.99.1)
    net-ssh (2.6.0)
      jruby-pageant (>= 1.1.1)
    nokogiri (1.5.5)
    pry (0.9.10)
      coderay (~> 1.0.5)
      method_source (~> 0.8)
      slop (~> 3.3.1)
    pry-nav (0.2.2)
      pry (~> 0.9.10)
    rest-client (1.6.7)
      mime-types (>= 1.16)
    ruby-hmac (0.4.0)
    slop (3.3.3)
    uuidtools (2.1.3)

PLATFORMS
  ruby

DEPENDENCIES
  pry
  pry-nav
  s3_event_miner!
