PATH
  remote: .
  specs:
    s3_event_miner (0.1)
      aws-s3

GEM
  remote: https://rubygems.org/
  specs:
    aws-s3 (0.6.3)
      builder
      mime-types
      xml-simple
    builder (3.1.3)
    coderay (1.0.7)
    method_source (0.8)
    mime-types (1.19)
    pry (0.9.10)
      coderay (~> 1.0.5)
      method_source (~> 0.8)
      slop (~> 3.3.1)
    slop (3.3.3)
    xml-simple (1.1.1)

PLATFORMS
  ruby

DEPENDENCIES
  pry
  s3_event_miner!
